GEM
  remote: https://api.rubygems.org/
  specs:
    daemons (1.2.6)
    eventmachine (1.2.5)
    minitest (5.11.3)
    mustermann (1.0.2)
    rack (2.0.6)
    rack-protection (2.0.4)
      rack
    rack-test (0.8.3)
      rack (>= 1.0, < 3)
    sinatra (2.0.4)
      mustermann (~> 1.0)
      rack (~> 2.0)
      rack-protection (= 2.0.4)
      tilt (~> 2.0)
    thin (1.7.2)
      daemons (~> 1.0, >= 1.0.9)
      eventmachine (~> 1.0, >= 1.0.4)
      rack (>= 1, < 3)
    tilt (2.0.8)

PLATFORMS
  ruby

DEPENDENCIES
  minitest
  rack (>= 2.0.6)
  rack-test
  sinatra (>= 2.0.4)
  thin
